PATH
  remote: .
  specs:
    disqus (1.0.3)
      json

GEM
  remote: http://rubygems.org/
  specs:
    json (1.5.1)
    mocha (0.9.12)

PLATFORMS
  ruby

DEPENDENCIES
  disqus!
  mocha
